PATH
  remote: .
  specs:
    travel_guide (0.0.1)
      nokogiri (>= 1.10.8)

GEM
  remote: https://rubygems.org/
  specs:
    artii (2.1.2)
    coderay (1.1.2)
    colorize (0.8.1)
    date (3.3.3)
    diff-lcs (1.5.0)
    method_source (1.0.0)
    nokogiri (1.14.3-x86_64-linux)
      racc (~> 1.4)
    open-uri (0.3.0)
      stringio
      time
      uri
    pry (0.13.1)
      coderay (~> 1.1)
      method_source (~> 1.0)
    racc (1.6.2)
    rake (12.3.3)
    rspec (3.12.0)
      rspec-core (~> 3.12.0)
      rspec-expectations (~> 3.12.0)
      rspec-mocks (~> 3.12.0)
    rspec-core (3.12.1)
      rspec-support (~> 3.12.0)
    rspec-expectations (3.12.2)
      diff-lcs (>= 1.2.0, < 2.0)
      rspec-support (~> 3.12.0)
    rspec-mocks (3.12.5)
      diff-lcs (>= 1.2.0, < 2.0)
      rspec-support (~> 3.12.0)
    rspec-support (3.12.0)
    stringio (3.0.5)
    terminal-table (3.0.2)
      unicode-display_width (>= 1.1.1, < 3)
    time (0.2.2)
      date
    unicode-display_width (2.4.2)
    uri (0.12.1)

PLATFORMS
  x86_64-linux

DEPENDENCIES
  artii (~> 2.1, >= 2.1.2)
  bundler (~> 2.0)
  colorize
  open-uri
  pry
  rake (~> 12.3.3)
  rspec
  terminal-table
  travel_guide!

BUNDLED WITH
   2.1.4
